PATH
  remote: .
  specs:
    confg (3.1.0)

GEM
  remote: https://rubygems.org/
  specs:
    byebug (11.1.3)
    minitest (5.25.4)
    rake (13.2.1)

PLATFORMS
  arm64-darwin
  ruby

DEPENDENCIES
  bundler
  byebug
  confg!
  minitest (~> 5.0)
  rake

CHECKSUMS
  byebug (11.1.3) sha256=2485944d2bb21283c593d562f9ae1019bf80002143cc3a255aaffd4e9cf4a35b
  confg (3.1.0)
  minitest (5.25.4) sha256=9cf2cae25ac4dfc90c988ebc3b917f53c054978b673273da1bd20bcb0778f947
  rake (13.2.1) sha256=46cb38dae65d7d74b6020a4ac9d48afed8eb8149c040eccf0523bec91907059d

BUNDLED WITH
   2.6.3
