PATH
  remote: .
  specs:
    confg (3.2.0)

GEM
  remote: https://rubygems.org/
  specs:
    byebug (12.0.0)
    minitest (5.26.0)
    rake (13.3.0)

PLATFORMS
  arm64-darwin-24
  ruby

DEPENDENCIES
  bundler
  byebug
  confg!
  minitest (~> 5.0)
  rake

BUNDLED WITH
   2.7.1
